GEM
  remote: http://rubygems.org/
  specs:
    crack (0.4.1)
      safe_yaml (~> 0.9.0)
    hashie (0.2.2)
    httparty (0.4.5)
      crack (>= 0.1.1)
    json (1.2.0)
    mail (2.5.4)
      mime-types (~> 1.16)
      treetop (~> 1.4.8)
    mime-types (1.24)
    mustache (0.11.2)
    octopussy (0.2.3)
      hashie (~> 0.2.0)
      httparty (~> 0.4.5)
    polyglot (0.3.3)
    pony (1.0)
      mail (> 2.0)
    rack (1.5.2)
    safe_yaml (0.9.5)
    sinatra (1.0)
      rack (>= 1.0)
    treetop (1.4.15)
      polyglot
      polyglot (>= 0.3.1)

PLATFORMS
  ruby

DEPENDENCIES
  json (= 1.2.0)
  mustache (= 0.11.2)
  octopussy (= 0.2.3)
  pony (= 1.0)
  sinatra (= 1.0)
